PATH
  remote: .
  specs:
    fortitude-sass (0.8.0)
      autoprefixer-rails
      execjs
      sass (~> 3.3)
      thor

GEM
  remote: http://rubygems.org/
  specs:
    autoprefixer-rails (5.1.11)
      execjs
      json
    execjs (2.5.2)
    json (1.8.2)
    rake (10.4.2)
    sass (3.4.13)
    thor (0.19.1)

PLATFORMS
  ruby

DEPENDENCIES
  fortitude-sass!
  rake
