PATH
  remote: .
  specs:
    fortitude-sass (0.3.8)
      autoprefixer-rails
      sass (~> 3.3)

GEM
  remote: http://rubygems.org/
  specs:
    autoprefixer-rails (3.0.1.20140826)
      execjs
    execjs (2.2.1)
    rainbow (2.0.0)
    sass (3.4.2)
    scss-lint (0.29.0)
      rainbow (~> 2.0)
      sass (~> 3.4.0)

PLATFORMS
  ruby

DEPENDENCIES
  fortitude-sass!
  scss-lint
