PATH
  remote: .
  specs:
    fortitude-sass (0.5.0)
      autoprefixer-rails
      sass (~> 3.3)
      thor

GEM
  remote: http://rubygems.org/
  specs:
    autoprefixer-rails (3.0.1.20140826)
      execjs
    execjs (2.2.1)
    rake (10.3.2)
    sass (3.4.2)
    thor (0.19.1)

PLATFORMS
  ruby

DEPENDENCIES
  fortitude-sass!
  rake
